GEM
  remote: http://rubygems.org/
  specs:
    amatch (0.2.5)
    choice (0.1.4)
    crack (0.1.8)
    diff-lcs (1.1.2)
    docsplit (0.5.2)
    engtagger (0.1.1)
      hoe (>= 1.5.1)
      hpricot
    hoe (2.10.0)
      rake (~> 0.8)
    hpricot (0.8.4)
    httparty (0.7.8)
      crack (= 0.1.8)
    json (1.5.3)
    mime-types (1.16)
    nokogiri (1.5.0)
    rack (1.3.0)
    rake (0.9.2)
    rbing (1.1.0)
      httparty (>= 0.4.0)
    redis (2.2.1)
    redis-lock (0.1.0)
      redis
    redis-namespace (1.0.3)
      redis (< 3.0.0)
    resque (1.17.1)
      json (< 1.6, >= 1.4.6)
      redis-namespace (~> 1.0.2)
      sinatra (>= 0.9.2)
      vegas (~> 0.1.2)
    rspec (2.6.0)
      rspec-core (~> 2.6.0)
      rspec-expectations (~> 2.6.0)
      rspec-mocks (~> 2.6.0)
    rspec-core (2.6.4)
    rspec-expectations (2.6.0)
      diff-lcs (~> 1.1.2)
    rspec-mocks (2.6.0)
    sinatra (1.2.6)
      rack (~> 1.1)
      tilt (< 2.0, >= 1.2.2)
    tilt (1.3.2)
    typhoeus (0.2.4)
      mime-types
      mime-types
    vegas (0.1.8)
      rack (>= 1.0.0)
    yajl-ruby (0.8.2)

PLATFORMS
  ruby

DEPENDENCIES
  amatch
  choice
  docsplit
  engtagger
  nokogiri
  rake
  rbing
  redis
  redis-lock
  resque
  rspec
  typhoeus
  yajl-ruby
