GEM
  remote: http://rubygems.org/
  specs:
    builder (3.0.0)
    cucumber (1.0.1)
      builder (>= 2.1.2)
      diff-lcs (>= 1.1.2)
      gherkin (~> 2.4.5)
      json (>= 1.4.6)
      term-ansicolor (>= 1.0.5)
    diff-lcs (1.1.2)
    gherkin (2.4.5)
      json (>= 1.4.6)
    json (1.5.3)
    mime-types (1.16)
    nokogiri (1.5.0)
    rack (1.3.0)
    rake (0.9.2)
    redis (2.2.1)
    redis-namespace (1.0.3)
      redis (< 3.0.0)
    resque (1.17.1)
      json (< 1.6, >= 1.4.6)
      redis-namespace (~> 1.0.2)
      sinatra (>= 0.9.2)
      vegas (~> 0.1.2)
    sinatra (1.2.6)
      rack (~> 1.1)
      tilt (< 2.0, >= 1.2.2)
    term-ansicolor (1.0.5)
    tilt (1.3.2)
    typhoeus (0.2.4)
      mime-types
      mime-types
    vegas (0.1.8)
      rack (>= 1.0.0)
    yajl-ruby (0.8.2)

PLATFORMS
  ruby

DEPENDENCIES
  cucumber
  nokogiri
  rake
  redis
  resque
  typhoeus
  yajl-ruby
