GEM
  remote: http://rubygems.org/
  specs:
    builder (3.0.0)
    cucumber (1.0.1)
      builder (>= 2.1.2)
      diff-lcs (>= 1.1.2)
      gherkin (~> 2.4.5)
      json (>= 1.4.6)
      term-ansicolor (>= 1.0.5)
    diff-lcs (1.1.2)
    gherkin (2.4.5)
      json (>= 1.4.6)
    json (1.5.3)
    mime-types (1.16)
    nokogiri (1.5.0)
    rake (0.9.2)
    redis (2.2.1)
    term-ansicolor (1.0.5)
    typhoeus (0.2.4)
      mime-types
      mime-types
    yajl-ruby (0.8.2)

PLATFORMS
  ruby

DEPENDENCIES
  cucumber
  nokogiri
  rake
  redis
  typhoeus
  yajl-ruby
